STORAGE: NONE
RESTRICTION: == net50
NUGET
  remote: https://api.nuget.org/v3/index.json
    Akka (1.4.16)
      Newtonsoft.Json (>= 12.0.3)
      System.Collections.Immutable (>= 5.0)
      System.Configuration.ConfigurationManager (>= 4.7)
    Akka.Cluster (1.4.16)
      Akka.Remote (>= 1.4.16)
    Akka.Cluster.Sharding (1.4.16)
      Akka.Cluster.Tools (>= 1.4.16)
      Akka.Coordination (>= 1.4.16)
      Akka.DistributedData (>= 1.4.16)
      Akka.DistributedData.LightningDB (>= 1.4.16)
      Akka.Persistence (>= 1.4.16)
    Akka.Cluster.Tools (1.4.16)
      Akka.Cluster (>= 1.4.16)
      Akka.Coordination (>= 1.4.16)
    Akka.Coordination (1.4.16)
      Akka (>= 1.4.16)
    Akka.DistributedData (1.4.16)
      Akka.Cluster (>= 1.4.16)
    Akka.DistributedData.LightningDB (1.4.16)
      Akka.DistributedData (>= 1.4.16)
      LightningDB (>= 0.13)
    Akka.Persistence (1.4.16)
      Akka (>= 1.4.16)
      Google.Protobuf (>= 3.14)
    Akka.Persistence.Query (1.4.16)
      Akka.Persistence (>= 1.4.16)
      Akka.Streams (>= 1.4.16)
    Akka.Persistence.Query.Sql (1.4.16)
      Akka.Persistence (>= 1.4.16)
      Akka.Persistence.Query (>= 1.4.16)
      Akka.Persistence.Sql.Common (>= 1.4.16)
    Akka.Persistence.Sql.Common (1.4.16)
      Akka.Persistence (>= 1.4.16)
      System.Configuration.ConfigurationManager (>= 4.7)
      System.Data.Common (>= 4.3)
    Akka.Persistence.Sqlite (1.4.16)
      Akka.Persistence (>= 1.4.16)
      Akka.Persistence.Sql.Common (>= 1.4.16)
      Microsoft.Data.SQLite (>= 5.0.2)
    Akka.Remote (1.4.16)
      Akka (>= 1.4.16)
      DotNetty.Handlers (>= 0.6)
      Google.Protobuf (>= 3.14)
    Akka.Serialization.Hyperion (1.4.16)
      Akka (>= 1.4.16)
      Hyperion (>= 0.9.16)
    Akka.Streams (1.4.16)
      Akka (>= 1.4.16)
      Google.Protobuf (>= 3.14)
      Reactive.Streams (>= 1.0.2)
      System.Reflection.TypeExtensions (>= 4.7)
    Akkling (0.11)
      Akka (>= 1.4.14)
      Akka.Serialization.Hyperion (>= 1.4.14)
      FSharp.Core (>= 5.0)
    Akkling.Cluster.Sharding (0.11)
      Akka.Cluster.Sharding (>= 1.4.14)
      Akkling (>= 0.11)
      Akkling.DistributedData (>= 0.11)
      Akkling.Persistence (>= 0.11)
      FSharp.Core (>= 5.0)
    Akkling.DistributedData (0.11)
      Akka.DistributedData (>= 1.4.14)
      Akkling (>= 0.11)
      FSharp.Core (>= 5.0)
    Akkling.Persistence (0.11)
      Akka.Persistence (>= 1.4.14)
      Akkling (>= 0.11)
      Akkling.Streams (>= 0.11)
      FSharp.Core (>= 5.0)
    Akkling.Streams (0.11)
      Akka.Streams (>= 1.4.14)
      Akkling (>= 0.11)
      FSharp.Core (>= 5.0)
    altcover (8.1.817)
    canopy (2.1.5)
      FSharp.Core (>= 4.7)
      Selenium.WebDriver (>= 3.141)
      System.Drawing.Common (>= 4.6)
    Destructurama.FSharp (1.1.1-dev-00035)
      FSharp.Core (>= 4.3.4)
      Serilog (>= 2.0 < 3.0)
    DotNetty.Buffers (0.6)
      DotNetty.Common (>= 0.6)
      NETStandard.Library (>= 1.6.1)
      System.Diagnostics.Contracts (>= 4.3)
      System.Runtime.CompilerServices.Unsafe (>= 4.5.2)
    DotNetty.Codecs (0.6)
      DotNetty.Buffers (>= 0.6)
      DotNetty.Common (>= 0.6)
      DotNetty.Transport (>= 0.6)
      NETStandard.Library (>= 1.6.1)
      System.Collections.Immutable (>= 1.5)
      System.Diagnostics.Contracts (>= 4.3)
    DotNetty.Common (0.6)
      Microsoft.Extensions.Logging (>= 1.1.1)
      NETStandard.Library (>= 1.6.1)
      System.Diagnostics.Contracts (>= 4.3)
      System.Net.NetworkInformation (>= 4.3)
      System.Runtime.CompilerServices.Unsafe (>= 4.5.2)
    DotNetty.Handlers (0.6)
      DotNetty.Buffers (>= 0.6)
      DotNetty.Codecs (>= 0.6)
      DotNetty.Common (>= 0.6)
      DotNetty.Transport (>= 0.6)
      NETStandard.Library (>= 1.6.1)
      System.Diagnostics.Contracts (>= 4.3)
      System.Globalization.Extensions (>= 4.3)
      System.Net.Security (>= 4.3.2)
    DotNetty.Transport (0.6)
      DotNetty.Buffers (>= 0.6)
      DotNetty.Common (>= 0.6)
      NETStandard.Library (>= 1.6.1)
      System.Diagnostics.Contracts (>= 4.3)
      System.Diagnostics.StackTrace (>= 4.3)
      System.Net.NameResolution (>= 4.3)
      System.Net.Primitives (>= 4.3)
      System.Net.Sockets (>= 4.3)
      System.Reflection.TypeExtensions (>= 4.3)
      System.Threading.Tasks.Extensions (>= 4.5.1)
    Dynamitey (2.0.10.189)
      Microsoft.CSharp (>= 4.6)
      System.ComponentModel (>= 4.3)
    Elmish (3.1)
      FSharp.Core (>= 4.6.2)
    Elmish.Bridge.Giraffe (3.0.3)
      Elmish.Bridge.Server (>= 3.0.3)
      Giraffe (>= 3.6)
      Microsoft.AspNetCore.WebSockets (>= 2.2.1)
    Elmish.Bridge.Server (3.0.3)
      Elmish (>= 3.0)
      Fable.Remoting.Json (>= 2.3)
    Expecto (9.0.2)
      FSharp.Core (>= 4.6)
      Mono.Cecil (>= 0.11.2)
    Expecto.FsCheck (9.0.2)
      Expecto (>= 9.0.2)
      FSCheck (>= 2.14.2)
    Fable.Aether (1.0.2)
      Fable.Core (>= 1.1.3)
      FSharp.Core (>= 4.2.1)
    Fable.Core (3.2.4)
      FSharp.Core (>= 4.7.2)
    Fable.Remoting.Json (2.14)
      FSharp.Core (>= 4.7.2)
      Newtonsoft.Json (>= 12.0.2)
    Fable.Validation (0.2.1)
      FSharp.Core (>= 4.2.3)
    FSCheck (2.15.1)
      FSharp.Core (>= 4.2.3)
    FSharp.Core (5.0.1)
    FSharp.Interop.Dynamic (5.0.1.268)
      Dynamitey (>= 2.0.10.189)
      FSharp.Core (>= 4.2.3)
      Microsoft.CSharp (>= 4.6)
    Giraffe (4.1)
      FSharp.Core (>= 4.7)
      Microsoft.IO.RecyclableMemoryStream (>= 1.2.2)
      Newtonsoft.Json (>= 12.0.2)
      TaskBuilder.fs (>= 2.1)
      Utf8Json (>= 1.3.7)
    Google.Protobuf (3.15.5)
      System.Memory (>= 4.5.3)
      System.Runtime.CompilerServices.Unsafe (>= 4.5.2)
    Hocon (2.0.3)
      NETStandard.Library (>= 1.6.1)
    Hocon.Extensions.Configuration (2.0.3)
      Hocon (>= 2.0.3)
      Microsoft.Extensions.Configuration.FileExtensions (>= 3.1.2)
    Hyperion (0.9.16)
      Microsoft.CSharp (>= 4.7)
      System.Runtime (>= 4.3.1)
    LightningDB (0.13)
      System.Memory (>= 4.5.4)
    Microsoft.AspNetCore.Http.Abstractions (2.2)
      Microsoft.AspNetCore.Http.Features (>= 2.2)
      System.Text.Encodings.Web (>= 4.5)
    Microsoft.AspNetCore.Http.Extensions (2.2)
      Microsoft.AspNetCore.Http.Abstractions (>= 2.2)
      Microsoft.Extensions.FileProviders.Abstractions (>= 2.2)
      Microsoft.Net.Http.Headers (>= 2.2)
      System.Buffers (>= 4.5)
    Microsoft.AspNetCore.Http.Features (5.0.3)
      Microsoft.Extensions.Primitives (>= 5.0)
      System.IO.Pipelines (>= 5.0.1)
    Microsoft.AspNetCore.WebSockets (2.2.1)
      Microsoft.AspNetCore.Http.Extensions (>= 2.2)
      Microsoft.Extensions.Logging.Abstractions (>= 2.2)
      Microsoft.Extensions.Options (>= 2.2)
      System.Net.WebSockets.WebSocketProtocol (>= 4.5.3)
    Microsoft.CodeCoverage (16.9.1)
    Microsoft.CSharp (4.7)
    Microsoft.Data.SQLite (5.0.3)
      Microsoft.Data.SQLite.Core (>= 5.0.3)
      SQLitePCLRaw.bundle_e_sqlite3 (>= 2.0.4)
    Microsoft.Data.SQLite.Core (5.0.3)
      SQLitePCLRaw.core (>= 2.0.4)
    Microsoft.Extensions.Configuration (5.0)
      Microsoft.Extensions.Configuration.Abstractions (>= 5.0)
      Microsoft.Extensions.Primitives (>= 5.0)
    Microsoft.Extensions.Configuration.Abstractions (5.0)
      Microsoft.Extensions.Primitives (>= 5.0)
    Microsoft.Extensions.Configuration.FileExtensions (5.0)
      Microsoft.Extensions.Configuration (>= 5.0)
      Microsoft.Extensions.Configuration.Abstractions (>= 5.0)
      Microsoft.Extensions.FileProviders.Abstractions (>= 5.0)
      Microsoft.Extensions.FileProviders.Physical (>= 5.0)
      Microsoft.Extensions.Primitives (>= 5.0)
    Microsoft.Extensions.DependencyInjection (5.0.1)
      Microsoft.Extensions.DependencyInjection.Abstractions (>= 5.0)
    Microsoft.Extensions.DependencyInjection.Abstractions (5.0)
    Microsoft.Extensions.FileProviders.Abstractions (5.0)
      Microsoft.Extensions.Primitives (>= 5.0)
    Microsoft.Extensions.FileProviders.Physical (5.0)
      Microsoft.Extensions.FileProviders.Abstractions (>= 5.0)
      Microsoft.Extensions.FileSystemGlobbing (>= 5.0)
      Microsoft.Extensions.Primitives (>= 5.0)
    Microsoft.Extensions.FileSystemGlobbing (5.0)
    Microsoft.Extensions.Logging (5.0)
      Microsoft.Extensions.DependencyInjection (>= 5.0)
      Microsoft.Extensions.DependencyInjection.Abstractions (>= 5.0)
      Microsoft.Extensions.Logging.Abstractions (>= 5.0)
      Microsoft.Extensions.Options (>= 5.0)
    Microsoft.Extensions.Logging.Abstractions (5.0)
    Microsoft.Extensions.Options (5.0)
      Microsoft.Extensions.DependencyInjection.Abstractions (>= 5.0)
      Microsoft.Extensions.Primitives (>= 5.0)
    Microsoft.Extensions.Primitives (5.0)
    Microsoft.IO.RecyclableMemoryStream (1.4)
    Microsoft.Net.Http.Headers (2.2.8)
      Microsoft.Extensions.Primitives (>= 2.2)
      System.Buffers (>= 4.5)
    Microsoft.NET.Test.Sdk (16.9.1)
      Microsoft.CodeCoverage (>= 16.9.1)
      Microsoft.TestPlatform.TestHost (>= 16.9.1)
    Microsoft.NETCore.Platforms (5.0.1)
    Microsoft.NETCore.Targets (5.0)
    Microsoft.TestPlatform.ObjectModel (16.9.1)
      NuGet.Frameworks (>= 5.0)
      System.Reflection.Metadata (>= 1.6)
    Microsoft.TestPlatform.TestHost (16.9.1)
      Microsoft.TestPlatform.ObjectModel (>= 16.9.1)
      Newtonsoft.Json (>= 9.0.1)
    Microsoft.Win32.Primitives (4.3)
      Microsoft.NETCore.Platforms (>= 1.1)
      Microsoft.NETCore.Targets (>= 1.1)
      System.Runtime (>= 4.3)
    Microsoft.Win32.SystemEvents (5.0)
      Microsoft.NETCore.Platforms (>= 5.0)
    Mono.Cecil (0.11.3)
    NETStandard.Library (2.0.3)
      Microsoft.NETCore.Platforms (>= 1.1)
    Newtonsoft.Json (12.0.3)
    NodaTime (3.0.5)
      System.Runtime.CompilerServices.Unsafe (>= 4.7.1)
    NodaTime.Serialization.JsonNet (3.0)
      Newtonsoft.Json (>= 12.0.1)
      NodaTime (>= 3.0 < 4.0)
    NuGet.Frameworks (5.9)
    Reactive.Streams (1.0.2)
      NETStandard.Library (>= 1.6)
    runtime.debian.8-x64.runtime.native.System.Security.Cryptography.OpenSsl (4.3.3)
    runtime.debian.9-x64.runtime.native.System.Security.Cryptography.OpenSsl (4.3.3)
    runtime.fedora.23-x64.runtime.native.System.Security.Cryptography.OpenSsl (4.3.3)
    runtime.fedora.24-x64.runtime.native.System.Security.Cryptography.OpenSsl (4.3.3)
    runtime.fedora.27-x64.runtime.native.System.Security.Cryptography.OpenSsl (4.3.3)
    runtime.fedora.28-x64.runtime.native.System.Security.Cryptography.OpenSsl (4.3.3)
    runtime.native.System (4.3.1)
      Microsoft.NETCore.Platforms (>= 1.1.1)
      Microsoft.NETCore.Targets (>= 1.1.3)
    runtime.native.System.Net.Http (4.3.1)
      Microsoft.NETCore.Platforms (>= 1.1.1)
      Microsoft.NETCore.Targets (>= 1.1.3)
    runtime.native.System.Net.Security (4.3.1)
      Microsoft.NETCore.Platforms (>= 1.1.1)
      Microsoft.NETCore.Targets (>= 1.1.3)
    runtime.native.System.Security.Cryptography.Apple (4.3.1)
      runtime.osx.10.10-x64.runtime.native.System.Security.Cryptography.Apple (>= 4.3.1)
    runtime.native.System.Security.Cryptography.OpenSsl (4.3.3)
      runtime.debian.8-x64.runtime.native.System.Security.Cryptography.OpenSsl (>= 4.3.3)
      runtime.debian.9-x64.runtime.native.System.Security.Cryptography.OpenSsl (>= 4.3.3)
      runtime.fedora.23-x64.runtime.native.System.Security.Cryptography.OpenSsl (>= 4.3.3)
      runtime.fedora.24-x64.runtime.native.System.Security.Cryptography.OpenSsl (>= 4.3.3)
      runtime.fedora.27-x64.runtime.native.System.Security.Cryptography.OpenSsl (>= 4.3.3)
      runtime.fedora.28-x64.runtime.native.System.Security.Cryptography.OpenSsl (>= 4.3.3)
      runtime.opensuse.13.2-x64.runtime.native.System.Security.Cryptography.OpenSsl (>= 4.3.3)
      runtime.opensuse.42.1-x64.runtime.native.System.Security.Cryptography.OpenSsl (>= 4.3.3)
      runtime.opensuse.42.3-x64.runtime.native.System.Security.Cryptography.OpenSsl (>= 4.3.3)
      runtime.osx.10.10-x64.runtime.native.System.Security.Cryptography.OpenSsl (>= 4.3.3)
      runtime.rhel.7-x64.runtime.native.System.Security.Cryptography.OpenSsl (>= 4.3.3)
      runtime.ubuntu.14.04-x64.runtime.native.System.Security.Cryptography.OpenSsl (>= 4.3.3)
      runtime.ubuntu.16.04-x64.runtime.native.System.Security.Cryptography.OpenSsl (>= 4.3.3)
      runtime.ubuntu.16.10-x64.runtime.native.System.Security.Cryptography.OpenSsl (>= 4.3.3)
      runtime.ubuntu.18.04-x64.runtime.native.System.Security.Cryptography.OpenSsl (>= 4.3.3)
    runtime.opensuse.13.2-x64.runtime.native.System.Security.Cryptography.OpenSsl (4.3.3)
    runtime.opensuse.42.1-x64.runtime.native.System.Security.Cryptography.OpenSsl (4.3.3)
    runtime.opensuse.42.3-x64.runtime.native.System.Security.Cryptography.OpenSsl (4.3.3)
    runtime.osx.10.10-x64.runtime.native.System.Security.Cryptography.Apple (4.3.1)
    runtime.osx.10.10-x64.runtime.native.System.Security.Cryptography.OpenSsl (4.3.3)
    runtime.rhel.7-x64.runtime.native.System.Security.Cryptography.OpenSsl (4.3.3)
    runtime.ubuntu.14.04-x64.runtime.native.System.Security.Cryptography.OpenSsl (4.3.3)
    runtime.ubuntu.16.04-x64.runtime.native.System.Security.Cryptography.OpenSsl (4.3.3)
    runtime.ubuntu.16.10-x64.runtime.native.System.Security.Cryptography.OpenSsl (4.3.3)
    runtime.ubuntu.18.04-x64.runtime.native.System.Security.Cryptography.OpenSsl (4.3.3)
    Selenium.WebDriver (3.141)
      Newtonsoft.Json (>= 10.0.3)
    selenium.webdriver.chromedriver (89.0.4389.2300)
    Serilog (2.10)
    Serilog.Formatting.Compact (1.1)
      Serilog (>= 2.8)
    Serilog.Sinks.Console (3.1.1)
      Serilog (>= 2.5)
      System.Console (>= 4.3)
      System.Runtime.InteropServices (>= 4.3)
      System.Runtime.InteropServices.RuntimeInformation (>= 4.3)
    SQLitePCLRaw.bundle_e_sqlite3 (2.0.4)
      SQLitePCLRaw.core (>= 2.0.4)
      SQLitePCLRaw.lib.e_sqlite3 (>= 2.0.4)
      SQLitePCLRaw.provider.dynamic_cdecl (>= 2.0.4)
      SQLitePCLRaw.provider.e_sqlite3 (>= 2.0.4)
    SQLitePCLRaw.core (2.0.4)
      System.Memory (>= 4.5.3)
    SQLitePCLRaw.lib.e_sqlite3 (2.0.4)
    SQLitePCLRaw.provider.dynamic_cdecl (2.0.4)
      SQLitePCLRaw.core (>= 2.0.4)
    SQLitePCLRaw.provider.e_sqlite3 (2.0.4)
      SQLitePCLRaw.core (>= 2.0.4)
    SQLProvider (1.2)
      FSharp.Core (>= 4.7.2)
      Newtonsoft.Json (>= 12.0.3)
      System.Net.Http (>= 4.3.4)
    System.Buffers (4.5.1)
    System.Collections (4.3)
      Microsoft.NETCore.Platforms (>= 1.1)
      Microsoft.NETCore.Targets (>= 1.1)
      System.Runtime (>= 4.3)
    System.Collections.Concurrent (4.3)
      System.Collections (>= 4.3)
      System.Diagnostics.Debug (>= 4.3)
      System.Diagnostics.Tracing (>= 4.3)
      System.Globalization (>= 4.3)
      System.Reflection (>= 4.3)
      System.Resources.ResourceManager (>= 4.3)
      System.Runtime (>= 4.3)
      System.Runtime.Extensions (>= 4.3)
      System.Threading (>= 4.3)
      System.Threading.Tasks (>= 4.3)
    System.Collections.Immutable (5.0)
    System.ComponentModel (4.3)
      System.Runtime (>= 4.3)
    System.Configuration.ConfigurationManager (5.0)
      System.Security.Cryptography.ProtectedData (>= 5.0)
      System.Security.Permissions (>= 5.0)
    System.Console (4.3.1)
      Microsoft.NETCore.Platforms (>= 1.1)
      Microsoft.NETCore.Targets (>= 1.1.2)
      System.IO (>= 4.3)
      System.Runtime (>= 4.3)
      System.Text.Encoding (>= 4.3)
    System.Data.Common (4.3)
      System.Collections (>= 4.3)
      System.Globalization (>= 4.3)
      System.IO (>= 4.3)
      System.Resources.ResourceManager (>= 4.3)
      System.Runtime (>= 4.3)
      System.Runtime.Extensions (>= 4.3)
      System.Text.RegularExpressions (>= 4.3)
      System.Threading.Tasks (>= 4.3)
    System.Diagnostics.Contracts (4.3)
      System.Runtime (>= 4.3)
    System.Diagnostics.Debug (4.3)
      Microsoft.NETCore.Platforms (>= 1.1)
      Microsoft.NETCore.Targets (>= 1.1)
      System.Runtime (>= 4.3)
    System.Diagnostics.DiagnosticSource (5.0.1)
    System.Diagnostics.StackTrace (4.3)
      System.IO.FileSystem (>= 4.3)
      System.Reflection (>= 4.3)
      System.Reflection.Metadata (>= 1.4.1)
      System.Runtime (>= 4.3)
    System.Diagnostics.Tracing (4.3)
      Microsoft.NETCore.Platforms (>= 1.1)
      Microsoft.NETCore.Targets (>= 1.1)
      System.Runtime (>= 4.3)
    System.Drawing.Common (5.0.1)
      Microsoft.Win32.SystemEvents (>= 5.0)
    System.Formats.Asn1 (5.0)
    System.Globalization (4.3)
      Microsoft.NETCore.Platforms (>= 1.1)
      Microsoft.NETCore.Targets (>= 1.1)
      System.Runtime (>= 4.3)
    System.Globalization.Calendars (4.3)
      Microsoft.NETCore.Platforms (>= 1.1)
      Microsoft.NETCore.Targets (>= 1.1)
      System.Globalization (>= 4.3)
      System.Runtime (>= 4.3)
    System.Globalization.Extensions (4.3)
      Microsoft.NETCore.Platforms (>= 1.1)
      System.Globalization (>= 4.3)
      System.Resources.ResourceManager (>= 4.3)
      System.Runtime (>= 4.3)
      System.Runtime.Extensions (>= 4.3)
      System.Runtime.InteropServices (>= 4.3)
    System.IO (4.3)
      Microsoft.NETCore.Platforms (>= 1.1)
      Microsoft.NETCore.Targets (>= 1.1)
      System.Runtime (>= 4.3)
      System.Text.Encoding (>= 4.3)
      System.Threading.Tasks (>= 4.3)
    System.IO.FileSystem (4.3)
      Microsoft.NETCore.Platforms (>= 1.1)
      Microsoft.NETCore.Targets (>= 1.1)
      System.IO (>= 4.3)
      System.IO.FileSystem.Primitives (>= 4.3)
      System.Runtime (>= 4.3)
      System.Runtime.Handles (>= 4.3)
      System.Text.Encoding (>= 4.3)
      System.Threading.Tasks (>= 4.3)
    System.IO.FileSystem.Primitives (4.3)
      System.Runtime (>= 4.3)
    System.IO.Pipelines (5.0.1)
    System.Linq (4.3)
      System.Collections (>= 4.3)
      System.Diagnostics.Debug (>= 4.3)
      System.Resources.ResourceManager (>= 4.3)
      System.Runtime (>= 4.3)
      System.Runtime.Extensions (>= 4.3)
    System.Memory (4.5.4)
    System.Net.Http (4.3.4)
      Microsoft.NETCore.Platforms (>= 1.1.1)
      runtime.native.System (>= 4.3)
      runtime.native.System.Net.Http (>= 4.3)
      runtime.native.System.Security.Cryptography.OpenSsl (>= 4.3.2)
      System.Collections (>= 4.3)
      System.Diagnostics.Debug (>= 4.3)
      System.Diagnostics.DiagnosticSource (>= 4.3)
      System.Diagnostics.Tracing (>= 4.3)
      System.Globalization (>= 4.3)
      System.Globalization.Extensions (>= 4.3)
      System.IO (>= 4.3)
      System.IO.FileSystem (>= 4.3)
      System.Net.Primitives (>= 4.3)
      System.Resources.ResourceManager (>= 4.3)
      System.Runtime (>= 4.3)
      System.Runtime.Extensions (>= 4.3)
      System.Runtime.Handles (>= 4.3)
      System.Runtime.InteropServices (>= 4.3)
      System.Security.Cryptography.Algorithms (>= 4.3)
      System.Security.Cryptography.Encoding (>= 4.3)
      System.Security.Cryptography.OpenSsl (>= 4.3)
      System.Security.Cryptography.Primitives (>= 4.3)
      System.Security.Cryptography.X509Certificates (>= 4.3)
      System.Text.Encoding (>= 4.3)
      System.Threading (>= 4.3)
      System.Threading.Tasks (>= 4.3)
    System.Net.NameResolution (4.3)
      Microsoft.NETCore.Platforms (>= 1.1)
      runtime.native.System (>= 4.3)
      System.Collections (>= 4.3)
      System.Diagnostics.Tracing (>= 4.3)
      System.Globalization (>= 4.3)
      System.Net.Primitives (>= 4.3)
      System.Resources.ResourceManager (>= 4.3)
      System.Runtime (>= 4.3)
      System.Runtime.Extensions (>= 4.3)
      System.Runtime.Handles (>= 4.3)
      System.Runtime.InteropServices (>= 4.3)
      System.Security.Principal.Windows (>= 4.3)
      System.Threading (>= 4.3)
      System.Threading.Tasks (>= 4.3)
    System.Net.NetworkInformation (4.3)
      Microsoft.NETCore.Platforms (>= 1.1)
      Microsoft.Win32.Primitives (>= 4.3)
      runtime.native.System (>= 4.3)
      System.Collections (>= 4.3)
      System.Diagnostics.Tracing (>= 4.3)
      System.Globalization (>= 4.3)
      System.IO (>= 4.3)
      System.IO.FileSystem (>= 4.3)
      System.IO.FileSystem.Primitives (>= 4.3)
      System.Linq (>= 4.3)
      System.Net.Primitives (>= 4.3)
      System.Net.Sockets (>= 4.3)
      System.Resources.ResourceManager (>= 4.3)
      System.Runtime (>= 4.3)
      System.Runtime.Extensions (>= 4.3)
      System.Runtime.Handles (>= 4.3)
      System.Runtime.InteropServices (>= 4.3)
      System.Security.Principal.Windows (>= 4.3)
      System.Threading (>= 4.3)
      System.Threading.Overlapped (>= 4.3)
      System.Threading.Tasks (>= 4.3)
      System.Threading.Thread (>= 4.3)
      System.Threading.ThreadPool (>= 4.3)
    System.Net.Primitives (4.3.1)
      Microsoft.NETCore.Platforms (>= 1.1.1)
      Microsoft.NETCore.Targets (>= 1.1.3)
      System.Runtime (>= 4.3.1)
      System.Runtime.Handles (>= 4.3)
    System.Net.Security (4.3.2)
      Microsoft.NETCore.Platforms (>= 1.1)
      Microsoft.Win32.Primitives (>= 4.3)
      runtime.native.System (>= 4.3)
      runtime.native.System.Net.Security (>= 4.3)
      runtime.native.System.Security.Cryptography.OpenSsl (>= 4.3.2)
      System.Collections (>= 4.3)
      System.Collections.Concurrent (>= 4.3)
      System.Diagnostics.Tracing (>= 4.3)
      System.Globalization (>= 4.3)
      System.Globalization.Extensions (>= 4.3)
      System.IO (>= 4.3)
      System.Net.Primitives (>= 4.3)
      System.Resources.ResourceManager (>= 4.3)
      System.Runtime (>= 4.3)
      System.Runtime.Extensions (>= 4.3)
      System.Runtime.Handles (>= 4.3)
      System.Runtime.InteropServices (>= 4.3)
      System.Security.Claims (>= 4.3)
      System.Security.Cryptography.Algorithms (>= 4.3)
      System.Security.Cryptography.Encoding (>= 4.3)
      System.Security.Cryptography.OpenSsl (>= 4.3)
      System.Security.Cryptography.Primitives (>= 4.3)
      System.Security.Cryptography.X509Certificates (>= 4.3)
      System.Security.Principal (>= 4.3)
      System.Text.Encoding (>= 4.3)
      System.Threading (>= 4.3)
      System.Threading.Tasks (>= 4.3)
      System.Threading.ThreadPool (>= 4.3)
    System.Net.Sockets (4.3)
      Microsoft.NETCore.Platforms (>= 1.1)
      Microsoft.NETCore.Targets (>= 1.1)
      System.IO (>= 4.3)
      System.Net.Primitives (>= 4.3)
      System.Runtime (>= 4.3)
      System.Threading.Tasks (>= 4.3)
    System.Net.WebSockets.WebSocketProtocol (5.0)
    System.Reflection (4.3)
      Microsoft.NETCore.Platforms (>= 1.1)
      Microsoft.NETCore.Targets (>= 1.1)
      System.IO (>= 4.3)
      System.Reflection.Primitives (>= 4.3)
      System.Runtime (>= 4.3)
    System.Reflection.Emit (4.7)
    System.Reflection.Emit.Lightweight (4.7)
    System.Reflection.Extensions (4.3)
      Microsoft.NETCore.Platforms (>= 1.1)
      Microsoft.NETCore.Targets (>= 1.1)
      System.Reflection (>= 4.3)
      System.Runtime (>= 4.3)
    System.Reflection.Metadata (5.0)
    System.Reflection.Primitives (4.3)
      Microsoft.NETCore.Platforms (>= 1.1)
      Microsoft.NETCore.Targets (>= 1.1)
      System.Runtime (>= 4.3)
    System.Reflection.TypeExtensions (4.7)
    System.Resources.ResourceManager (4.3)
      Microsoft.NETCore.Platforms (>= 1.1)
      Microsoft.NETCore.Targets (>= 1.1)
      System.Globalization (>= 4.3)
      System.Reflection (>= 4.3)
      System.Runtime (>= 4.3)
    System.Runtime (4.3.1)
      Microsoft.NETCore.Platforms (>= 1.1.1)
      Microsoft.NETCore.Targets (>= 1.1.3)
    System.Runtime.CompilerServices.Unsafe (5.0)
    System.Runtime.Extensions (4.3.1)
      Microsoft.NETCore.Platforms (>= 1.1.1)
      Microsoft.NETCore.Targets (>= 1.1.3)
      System.Runtime (>= 4.3.1)
    System.Runtime.Handles (4.3)
      Microsoft.NETCore.Platforms (>= 1.1)
      Microsoft.NETCore.Targets (>= 1.1)
      System.Runtime (>= 4.3)
    System.Runtime.InteropServices (4.3)
      Microsoft.NETCore.Platforms (>= 1.1)
      Microsoft.NETCore.Targets (>= 1.1)
      System.Reflection (>= 4.3)
      System.Reflection.Primitives (>= 4.3)
      System.Runtime (>= 4.3)
      System.Runtime.Handles (>= 4.3)
    System.Runtime.InteropServices.RuntimeInformation (4.3)
      runtime.native.System (>= 4.3)
      System.Reflection (>= 4.3)
      System.Reflection.Extensions (>= 4.3)
      System.Resources.ResourceManager (>= 4.3)
      System.Runtime (>= 4.3)
      System.Runtime.InteropServices (>= 4.3)
      System.Threading (>= 4.3)
    System.Runtime.Numerics (4.3)
      System.Globalization (>= 4.3)
      System.Resources.ResourceManager (>= 4.3)
      System.Runtime (>= 4.3)
      System.Runtime.Extensions (>= 4.3)
    System.Security.AccessControl (5.0)
      Microsoft.NETCore.Platforms (>= 5.0)
      System.Security.Principal.Windows (>= 5.0)
    System.Security.Claims (4.3)
      System.Collections (>= 4.3)
      System.Globalization (>= 4.3)
      System.IO (>= 4.3)
      System.Resources.ResourceManager (>= 4.3)
      System.Runtime (>= 4.3)
      System.Runtime.Extensions (>= 4.3)
      System.Security.Principal (>= 4.3)
    System.Security.Cryptography.Algorithms (4.3.1)
      Microsoft.NETCore.Platforms (>= 1.1)
      runtime.native.System.Security.Cryptography.Apple (>= 4.3.1)
      runtime.native.System.Security.Cryptography.OpenSsl (>= 4.3.2)
      System.Collections (>= 4.3)
      System.IO (>= 4.3)
      System.Resources.ResourceManager (>= 4.3)
      System.Runtime (>= 4.3)
      System.Runtime.Extensions (>= 4.3)
      System.Runtime.Handles (>= 4.3)
      System.Runtime.InteropServices (>= 4.3)
      System.Runtime.Numerics (>= 4.3)
      System.Security.Cryptography.Encoding (>= 4.3)
      System.Security.Cryptography.Primitives (>= 4.3)
      System.Text.Encoding (>= 4.3)
    System.Security.Cryptography.Cng (5.0)
      System.Formats.Asn1 (>= 5.0)
    System.Security.Cryptography.Csp (4.3)
      Microsoft.NETCore.Platforms (>= 1.1)
      System.IO (>= 4.3)
      System.Reflection (>= 4.3)
      System.Resources.ResourceManager (>= 4.3)
      System.Runtime (>= 4.3)
      System.Runtime.Extensions (>= 4.3)
      System.Runtime.Handles (>= 4.3)
      System.Runtime.InteropServices (>= 4.3)
      System.Security.Cryptography.Algorithms (>= 4.3)
      System.Security.Cryptography.Encoding (>= 4.3)
      System.Security.Cryptography.Primitives (>= 4.3)
      System.Text.Encoding (>= 4.3)
      System.Threading (>= 4.3)
    System.Security.Cryptography.Encoding (4.3)
      Microsoft.NETCore.Platforms (>= 1.1)
      runtime.native.System.Security.Cryptography.OpenSsl (>= 4.3)
      System.Collections (>= 4.3)
      System.Collections.Concurrent (>= 4.3)
      System.Linq (>= 4.3)
      System.Resources.ResourceManager (>= 4.3)
      System.Runtime (>= 4.3)
      System.Runtime.Extensions (>= 4.3)
      System.Runtime.Handles (>= 4.3)
      System.Runtime.InteropServices (>= 4.3)
      System.Security.Cryptography.Primitives (>= 4.3)
      System.Text.Encoding (>= 4.3)
    System.Security.Cryptography.OpenSsl (5.0)
      System.Formats.Asn1 (>= 5.0)
    System.Security.Cryptography.Primitives (4.3)
      System.Diagnostics.Debug (>= 4.3)
      System.Globalization (>= 4.3)
      System.IO (>= 4.3)
      System.Resources.ResourceManager (>= 4.3)
      System.Runtime (>= 4.3)
      System.Threading (>= 4.3)
      System.Threading.Tasks (>= 4.3)
    System.Security.Cryptography.ProtectedData (5.0)
    System.Security.Cryptography.X509Certificates (4.3.2)
      Microsoft.NETCore.Platforms (>= 1.1)
      runtime.native.System (>= 4.3)
      runtime.native.System.Net.Http (>= 4.3)
      runtime.native.System.Security.Cryptography.OpenSsl (>= 4.3.2)
      System.Collections (>= 4.3)
      System.Diagnostics.Debug (>= 4.3)
      System.Globalization (>= 4.3)
      System.Globalization.Calendars (>= 4.3)
      System.IO (>= 4.3)
      System.IO.FileSystem (>= 4.3)
      System.IO.FileSystem.Primitives (>= 4.3)
      System.Resources.ResourceManager (>= 4.3)
      System.Runtime (>= 4.3)
      System.Runtime.Extensions (>= 4.3)
      System.Runtime.Handles (>= 4.3)
      System.Runtime.InteropServices (>= 4.3)
      System.Runtime.Numerics (>= 4.3)
      System.Security.Cryptography.Algorithms (>= 4.3)
      System.Security.Cryptography.Cng (>= 4.3)
      System.Security.Cryptography.Csp (>= 4.3)
      System.Security.Cryptography.Encoding (>= 4.3)
      System.Security.Cryptography.OpenSsl (>= 4.3)
      System.Security.Cryptography.Primitives (>= 4.3)
      System.Text.Encoding (>= 4.3)
      System.Threading (>= 4.3)
    System.Security.Permissions (5.0)
      System.Security.AccessControl (>= 5.0)
      System.Windows.Extensions (>= 5.0)
    System.Security.Principal (4.3)
      System.Runtime (>= 4.3)
    System.Security.Principal.Windows (5.0)
    System.Text.Encoding (4.3)
      Microsoft.NETCore.Platforms (>= 1.1)
      Microsoft.NETCore.Targets (>= 1.1)
      System.Runtime (>= 4.3)
    System.Text.Encodings.Web (5.0)
    System.Text.RegularExpressions (4.3.1)
      System.Runtime (>= 4.3.1)
    System.Threading (4.3)
      System.Runtime (>= 4.3)
      System.Threading.Tasks (>= 4.3)
    System.Threading.Overlapped (4.3)
      Microsoft.NETCore.Platforms (>= 1.1)
      System.Resources.ResourceManager (>= 4.3)
      System.Runtime (>= 4.3)
      System.Runtime.Handles (>= 4.3)
    System.Threading.Tasks (4.3)
      Microsoft.NETCore.Platforms (>= 1.1)
      Microsoft.NETCore.Targets (>= 1.1)
      System.Runtime (>= 4.3)
    System.Threading.Tasks.Extensions (4.5.4)
    System.Threading.Thread (4.3)
      System.Runtime (>= 4.3)
    System.Threading.ThreadPool (4.3)
      System.Runtime (>= 4.3)
      System.Runtime.Handles (>= 4.3)
    System.ValueTuple (4.5)
    System.Windows.Extensions (5.0)
      System.Drawing.Common (>= 5.0)
    TaskBuilder.fs (2.1)
      FSharp.Core (>= 4.1.17)
      NETStandard.Library (>= 1.6.1)
      System.ValueTuple (>= 4.4)
    Thoth.Json.Giraffe (4.3)
      FSharp.Core (>= 4.7)
      Giraffe (>= 3.6)
      Thoth.Json.Net (>= 4.0)
    Thoth.Json.Net (5.0)
      Fable.Core (>= 3.0 < 4.0)
      FSharp.Core (>= 4.7.2)
      Newtonsoft.Json (>= 11.0.2)
    TickSpec (2.0)
      FSharp.Core (>= 4.3.4)
    Utf8Json (1.3.7)
      System.Reflection.Emit (>= 4.3)
      System.Reflection.Emit.Lightweight (>= 4.3)
      System.Threading.Tasks.Extensions (>= 4.4)
      System.ValueTuple (>= 4.4)
    YoloDev.Expecto.TestSdk (0.11.1)
      Expecto (>= 9.0 < 10.0)
      FSharp.Core (>= 4.6)
      System.Collections.Immutable (>= 1.5 < 5.1)

GROUP Build
STORAGE: NONE
RESTRICTION: == netstandard2.0
NUGET
  remote: https://api.nuget.org/v3/index.json
    BlackFox.VsWhere (1.1)
      FSharp.Core (>= 4.2.3)
      Microsoft.Win32.Registry (>= 4.7)
    Fake.Core.CommandLineParsing (5.20.4-alpha.1642)
      FParsec (>= 1.1.1)
      FSharp.Core (>= 4.7.2)
    Fake.Core.Context (5.20.4-alpha.1642)
      FSharp.Core (>= 4.7.2)
    Fake.Core.Environment (5.20.4-alpha.1642)
      FSharp.Core (>= 4.7.2)
    Fake.Core.FakeVar (5.20.4-alpha.1642)
      Fake.Core.Context (>= 5.20.4-alpha.1642)
      FSharp.Core (>= 4.7.2)
    Fake.Core.Process (5.20.4-alpha.1642)
      Fake.Core.Environment (>= 5.20.4-alpha.1642)
      Fake.Core.FakeVar (>= 5.20.4-alpha.1642)
      Fake.Core.String (>= 5.20.4-alpha.1642)
      Fake.Core.Trace (>= 5.20.4-alpha.1642)
      Fake.IO.FileSystem (>= 5.20.4-alpha.1642)
      FSharp.Core (>= 4.7.2)
      System.Collections.Immutable (>= 1.7.1)
    Fake.Core.ReleaseNotes (5.20.4-alpha.1642)
      Fake.Core.SemVer (>= 5.20.4-alpha.1642)
      Fake.Core.String (>= 5.20.4-alpha.1642)
      FSharp.Core (>= 4.7.2)
    Fake.Core.SemVer (5.20.4-alpha.1642)
      FSharp.Core (>= 4.7.2)
    Fake.Core.String (5.20.4-alpha.1642)
      FSharp.Core (>= 4.7.2)
    Fake.Core.Target (5.20.4-alpha.1642)
      Fake.Core.CommandLineParsing (>= 5.20.4-alpha.1642)
      Fake.Core.Context (>= 5.20.4-alpha.1642)
      Fake.Core.Environment (>= 5.20.4-alpha.1642)
      Fake.Core.FakeVar (>= 5.20.4-alpha.1642)
      Fake.Core.Process (>= 5.20.4-alpha.1642)
      Fake.Core.String (>= 5.20.4-alpha.1642)
      Fake.Core.Trace (>= 5.20.4-alpha.1642)
      FSharp.Control.Reactive (>= 4.4.2)
      FSharp.Core (>= 4.7.2)
    Fake.Core.Tasks (5.20.4-alpha.1642)
      Fake.Core.Trace (>= 5.20.4-alpha.1642)
      FSharp.Core (>= 4.7.2)
    Fake.Core.Trace (5.20.4-alpha.1642)
      Fake.Core.Environment (>= 5.20.4-alpha.1642)
      Fake.Core.FakeVar (>= 5.20.4-alpha.1642)
      FSharp.Core (>= 4.7.2)
    Fake.Core.Xml (5.20.4-alpha.1642)
      Fake.Core.String (>= 5.20.4-alpha.1642)
      FSharp.Core (>= 4.7.2)
    Fake.DotNet.Cli (5.20.4-alpha.1642)
      Fake.Core.Environment (>= 5.20.4-alpha.1642)
      Fake.Core.Process (>= 5.20.4-alpha.1642)
      Fake.Core.String (>= 5.20.4-alpha.1642)
      Fake.Core.Trace (>= 5.20.4-alpha.1642)
      Fake.DotNet.MSBuild (>= 5.20.4-alpha.1642)
      Fake.DotNet.NuGet (>= 5.20.4-alpha.1642)
      Fake.IO.FileSystem (>= 5.20.4-alpha.1642)
      FSharp.Core (>= 4.7.2)
      Mono.Posix.NETStandard (>= 1.0)
      Newtonsoft.Json (>= 12.0.3)
    Fake.DotNet.MSBuild (5.20.4-alpha.1642)
      BlackFox.VsWhere (>= 1.1)
      Fake.Core.Environment (>= 5.20.4-alpha.1642)
      Fake.Core.Process (>= 5.20.4-alpha.1642)
      Fake.Core.String (>= 5.20.4-alpha.1642)
      Fake.Core.Trace (>= 5.20.4-alpha.1642)
      Fake.IO.FileSystem (>= 5.20.4-alpha.1642)
      FSharp.Core (>= 4.7.2)
      MSBuild.StructuredLogger (>= 2.1.176)
    Fake.DotNet.NuGet (5.20.4-alpha.1642)
      Fake.Core.Environment (>= 5.20.4-alpha.1642)
      Fake.Core.Process (>= 5.20.4-alpha.1642)
      Fake.Core.SemVer (>= 5.20.4-alpha.1642)
      Fake.Core.String (>= 5.20.4-alpha.1642)
      Fake.Core.Tasks (>= 5.20.4-alpha.1642)
      Fake.Core.Trace (>= 5.20.4-alpha.1642)
      Fake.Core.Xml (>= 5.20.4-alpha.1642)
      Fake.IO.FileSystem (>= 5.20.4-alpha.1642)
      Fake.Net.Http (>= 5.20.4-alpha.1642)
      FSharp.Core (>= 4.7.2)
      Newtonsoft.Json (>= 12.0.3)
      NuGet.Protocol (>= 5.6)
    Fake.IO.FileSystem (5.20.4-alpha.1642)
      Fake.Core.String (>= 5.20.4-alpha.1642)
      FSharp.Core (>= 4.7.2)
    Fake.Net.Http (5.20.4-alpha.1642)
      Fake.Core.Trace (>= 5.20.4-alpha.1642)
      FSharp.Core (>= 4.7.2)
    FParsec (1.1.1)
      FSharp.Core (>= 4.3.4)
    FSharp.Control.Reactive (5.0.2)
      FSharp.Core (>= 4.7.2)
      System.Reactive (>= 5.0)
    FSharp.Core (5.0.1)
    Microsoft.Build (16.9)
    Microsoft.Build.Framework (16.9)
      System.Security.Permissions (>= 4.7)
    Microsoft.Build.Tasks.Core (16.9)
      Microsoft.Build.Framework (>= 16.9)
      Microsoft.Build.Utilities.Core (>= 16.9)
      Microsoft.Win32.Registry (>= 4.3)
      System.CodeDom (>= 4.4)
      System.Collections.Immutable (>= 5.0)
      System.Reflection.Metadata (>= 1.6)
      System.Reflection.TypeExtensions (>= 4.1)
      System.Resources.Extensions (>= 4.6)
      System.Runtime.InteropServices (>= 4.3)
      System.Security.Cryptography.Pkcs (>= 4.7)
      System.Security.Cryptography.Xml (>= 4.7)
      System.Security.Permissions (>= 4.7)
      System.Threading.Tasks.Dataflow (>= 4.9)
    Microsoft.Build.Utilities.Core (16.9)
      Microsoft.Build.Framework (>= 16.9)
      Microsoft.Win32.Registry (>= 4.3)
      System.Collections.Immutable (>= 5.0)
      System.Security.Permissions (>= 4.7)
      System.Text.Encoding.CodePages (>= 4.0.1)
    Microsoft.NETCore.Platforms (5.0.1)
    Microsoft.NETCore.Targets (5.0)
    Microsoft.Win32.Registry (5.0)
      System.Buffers (>= 4.5.1)
      System.Memory (>= 4.5.4)
      System.Security.AccessControl (>= 5.0)
      System.Security.Principal.Windows (>= 5.0)
    Mono.Posix.NETStandard (1.0)
    MSBuild.StructuredLogger (2.1.303)
      Microsoft.Build (>= 16.4)
      Microsoft.Build.Framework (>= 16.4)
      Microsoft.Build.Tasks.Core (>= 16.4)
      Microsoft.Build.Utilities.Core (>= 16.4)
    Newtonsoft.Json (12.0.3)
    NuGet.Common (5.9)
      NuGet.Frameworks (>= 5.9)
    NuGet.Configuration (5.9)
      NuGet.Common (>= 5.9)
      System.Security.Cryptography.ProtectedData (>= 4.4)
    NuGet.Frameworks (5.9)
    NuGet.Packaging (5.9)
      Newtonsoft.Json (>= 9.0.1)
      NuGet.Configuration (>= 5.9)
      NuGet.Versioning (>= 5.9)
      System.Security.Cryptography.Cng (>= 5.0)
      System.Security.Cryptography.Pkcs (>= 5.0)
    NuGet.Protocol (5.9)
      NuGet.Packaging (>= 5.9)
    NuGet.Versioning (5.9)
    System.Buffers (4.5.1)
    System.CodeDom (5.0)
    System.Collections.Immutable (5.0)
      System.Memory (>= 4.5.4)
    System.Formats.Asn1 (5.0)
      System.Buffers (>= 4.5.1)
      System.Memory (>= 4.5.4)
    System.IO (4.3)
      Microsoft.NETCore.Platforms (>= 1.1)
      Microsoft.NETCore.Targets (>= 1.1)
      System.Runtime (>= 4.3)
      System.Text.Encoding (>= 4.3)
      System.Threading.Tasks (>= 4.3)
    System.Memory (4.5.4)
      System.Buffers (>= 4.5.1)
      System.Numerics.Vectors (>= 4.4)
      System.Runtime.CompilerServices.Unsafe (>= 4.5.3)
    System.Numerics.Vectors (4.5)
    System.Reactive (5.0)
      System.Runtime.InteropServices.WindowsRuntime (>= 4.3)
      System.Threading.Tasks.Extensions (>= 4.5.4)
    System.Reflection (4.3)
      Microsoft.NETCore.Platforms (>= 1.1)
      Microsoft.NETCore.Targets (>= 1.1)
      System.IO (>= 4.3)
      System.Reflection.Primitives (>= 4.3)
      System.Runtime (>= 4.3)
    System.Reflection.Metadata (5.0)
      System.Collections.Immutable (>= 5.0)
    System.Reflection.Primitives (4.3)
      Microsoft.NETCore.Platforms (>= 1.1)
      Microsoft.NETCore.Targets (>= 1.1)
      System.Runtime (>= 4.3)
    System.Reflection.TypeExtensions (4.7)
    System.Resources.Extensions (5.0)
      System.Memory (>= 4.5.4)
    System.Runtime (4.3.1)
      Microsoft.NETCore.Platforms (>= 1.1.1)
      Microsoft.NETCore.Targets (>= 1.1.3)
    System.Runtime.CompilerServices.Unsafe (5.0)
    System.Runtime.Handles (4.3)
      Microsoft.NETCore.Platforms (>= 1.1)
      Microsoft.NETCore.Targets (>= 1.1)
      System.Runtime (>= 4.3)
    System.Runtime.InteropServices (4.3)
      Microsoft.NETCore.Platforms (>= 1.1)
      Microsoft.NETCore.Targets (>= 1.1)
      System.Reflection (>= 4.3)
      System.Reflection.Primitives (>= 4.3)
      System.Runtime (>= 4.3)
      System.Runtime.Handles (>= 4.3)
    System.Runtime.InteropServices.WindowsRuntime (4.3)
      System.Runtime (>= 4.3)
    System.Security.AccessControl (5.0)
      System.Security.Principal.Windows (>= 5.0)
    System.Security.Cryptography.Cng (5.0)
    System.Security.Cryptography.Pkcs (5.0.1)
      System.Buffers (>= 4.5.1)
      System.Formats.Asn1 (>= 5.0)
      System.Memory (>= 4.5.4)
      System.Security.Cryptography.Cng (>= 5.0)
    System.Security.Cryptography.ProtectedData (5.0)
      System.Memory (>= 4.5.4)
    System.Security.Cryptography.Xml (5.0)
      System.Memory (>= 4.5.4)
      System.Security.Cryptography.Pkcs (>= 5.0)
      System.Security.Permissions (>= 5.0)
    System.Security.Permissions (5.0)
      System.Security.AccessControl (>= 5.0)
    System.Security.Principal.Windows (5.0)
    System.Text.Encoding (4.3)
      Microsoft.NETCore.Platforms (>= 1.1)
      Microsoft.NETCore.Targets (>= 1.1)
      System.Runtime (>= 4.3)
    System.Text.Encoding.CodePages (5.0)
      System.Runtime.CompilerServices.Unsafe (>= 5.0)
    System.Threading.Tasks (4.3)
      Microsoft.NETCore.Platforms (>= 1.1)
      Microsoft.NETCore.Targets (>= 1.1)
      System.Runtime (>= 4.3)
    System.Threading.Tasks.Dataflow (5.0)
    System.Threading.Tasks.Extensions (4.5.4)
      System.Runtime.CompilerServices.Unsafe (>= 4.5.3)

GROUP Client
STORAGE: NONE
RESTRICTION: == net50
NUGET
  remote: https://api.nuget.org/v3/index.json
    Elmish.Bridge.Client (3.4)
      Fable.Browser.Dom (>= 1.2)
      Fable.Browser.Url (>= 1.0)
      Fable.Browser.WebSocket (>= 1.0)
      Fable.Elmish (>= 3.1)
      Fable.SimpleJson (>= 3.10)
    Fable.Aether (1.0.2)
      Fable.Core (>= 1.1.3)
      FSharp.Core (>= 4.2.1)
    Fable.AST (3.0)
    Fable.Browser.Blob (1.1)
      Fable.Core (>= 3.0)
      FSharp.Core (>= 4.6.2)
    Fable.Browser.Dom (2.2)
      Fable.Browser.Blob (>= 1.1)
      Fable.Browser.Event (>= 1.2.1)
      Fable.Browser.WebStorage (>= 1.0)
      Fable.Core (>= 3.0)
      FSharp.Core (>= 4.7.2)
    Fable.Browser.Event (1.2.1)
      Fable.Core (>= 3.0)
      FSharp.Core (>= 4.7)
    Fable.Browser.Url (1.0)
      Fable.Core (>= 3.0)
      FSharp.Core (>= 4.5.2)
    Fable.Browser.WebSocket (1.0.1)
      Fable.Browser.Event (>= 1.2.1)
      Fable.Core (>= 3.0)
      FSharp.Core (>= 4.7)
    Fable.Browser.WebStorage (1.0)
      Fable.Browser.Event (>= 1.0)
      Fable.Core (>= 3.0)
      FSharp.Core (>= 4.5.2)
    Fable.Core (3.2.4)
      FSharp.Core (>= 4.7.2)
    Fable.Elmish (3.1)
      Fable.Core (>= 3.0)
      FSharp.Core (>= 4.6.2)
    Fable.Elmish.Browser (3.0.4)
      Fable.Browser.Dom (>= 1.0)
      Fable.Core (>= 3.0)
      Fable.Elmish (>= 3.0)
      FSharp.Core (>= 4.6.2)
    Fable.Elmish.Debugger (3.2)
      Fable.Core (>= 3.1.5)
      Fable.Elmish (>= 3.0)
      FSharp.Core (>= 4.7)
      Thoth.Json (>= 4.0)
    Fable.Elmish.HMR (4.1)
      Fable.Core (>= 3.0)
      Fable.Elmish.Browser (>= 3.0.4)
      Fable.Elmish.React (>= 3.0.1)
      FSharp.Core (>= 4.6.2)
    Fable.Elmish.React (3.0.1)
      Fable.Core (>= 3.0)
      Fable.Elmish (>= 3.0)
      Fable.React (>= 5.1)
      FSharp.Core (>= 4.6.2)
    Fable.Parsimmon (4.1)
      Fable.Core (>= 3.0)
      FSharp.Core (>= 4.6.2)
    Fable.React (7.2)
      Fable.Browser.Dom (>= 2.0.1)
      Fable.Core (>= 3.1.5)
      FSharp.Core (>= 4.7.2)
    Fable.SimpleJson (3.18.1)
      Fable.Core (>= 3.1.5)
      Fable.Parsimmon (>= 4.0)
      FSharp.Core (>= 4.7)
    Feliz (1.36)
      Fable.Core (>= 3.1.5)
      Fable.React (>= 7.0.1)
      Feliz.CompilerPlugins (>= 1.3)
      FSharp.Core (>= 4.7.2)
    Feliz.CompilerPlugins (1.3)
      Fable.AST (>= 3.0)
      FSharp.Core (>= 4.7.2)
    FSharp.Core (5.0.1)
    Thoth.Json (5.1)
      Fable.Core (>= 3.1.6)
      FSharp.Core (>= 4.7.2)
